GEM
  remote: https://rubygems.org/
  specs:
    activemodel (6.0.2.1)
      activesupport (= 6.0.2.1)
    activerecord (6.0.2.1)
      activemodel (= 6.0.2.1)
      activesupport (= 6.0.2.1)
    activesupport (6.0.2.1)
      concurrent-ruby (~> 1.0, >= 1.0.2)
      i18n (>= 0.7, < 2)
      minitest (~> 5.1)
      tzinfo (~> 1.1)
      zeitwerk (~> 2.2)
    airbrake (5.6.1)
      airbrake-ruby (~> 1.6)
    airbrake-ruby (1.6.0)
    backports (3.15.0)
    concurrent-ruby (1.1.5)
    dotenv (2.2.1)
    foreman (0.84.0)
      thor (~> 0.19.1)
    haml (3.1.4)
    i18n (1.7.0)
      concurrent-ruby (~> 1.0)
    minitest (5.13.0)
    multi_json (1.14.1)
    mustermann (1.1.0)
      ruby2_keywords (~> 0.0.1)
    newrelic_rpm (3.18.1.330)
    pg (0.18.4)
    puma (3.10.0)
    rack (2.0.8)
    rack-protection (2.0.8.1)
      rack
    ruby2_keywords (0.0.1)
    sinatra (2.0.8.1)
      mustermann (~> 1.0)
      rack (~> 2.0)
      rack-protection (= 2.0.8.1)
      tilt (~> 2.0)
    sinatra-activerecord (2.0.14)
      activerecord (>= 3.2)
      sinatra (>= 1.0)
    sinatra-contrib (2.0.8.1)
      backports (>= 2.8.2)
      multi_json
      mustermann (~> 1.0)
      rack-protection (= 2.0.8.1)
      sinatra (= 2.0.8.1)
      tilt (~> 2.0)
    thor (0.19.4)
    thread_safe (0.3.6)
    tilt (2.0.10)
    tzinfo (1.2.6)
      thread_safe (~> 0.1)
    zeitwerk (2.2.2)

PLATFORMS
  ruby

DEPENDENCIES
  activerecord
  airbrake
  dotenv
  foreman
  haml
  newrelic_rpm (< 4.0)
  pg
  puma
  sinatra
  sinatra-activerecord
  sinatra-contrib

BUNDLED WITH
   1.15.4
