GEM
  remote: https://rubygems.org/
  specs:
    activemodel (5.2.4.5)
      activesupport (= 5.2.4.5)
    activerecord (5.2.4.5)
      activemodel (= 5.2.4.5)
      activesupport (= 5.2.4.5)
      arel (>= 9.0)
    activesupport (5.2.4.5)
      concurrent-ruby (~> 1.0, >= 1.0.2)
      i18n (>= 0.7, < 2)
      minitest (~> 5.1)
      tzinfo (~> 1.1)
    airbrake (11.0.1)
      airbrake-ruby (~> 5.1)
    airbrake-ruby (5.2.0)
      rbtree3 (~> 0.5)
    arel (9.0.0)
    concurrent-ruby (1.1.8)
    dotenv (2.7.6)
    foreman (0.87.2)
    haml (5.2.1)
      temple (>= 0.8.0)
      tilt
    i18n (1.8.9)
      concurrent-ruby (~> 1.0)
    minitest (5.14.4)
    multi_json (1.15.0)
    mustermann (1.1.1)
      ruby2_keywords (~> 0.0.1)
    newrelic_rpm (6.15.0)
    nio4r (2.5.7)
    pg (1.2.3)
    puma (5.2.2)
      nio4r (~> 2.0)
    rack (2.2.3)
    rack-protection (2.1.0)
      rack
    rbtree3 (0.6.0)
    ruby2_keywords (0.0.4)
    sinatra (2.1.0)
      mustermann (~> 1.0)
      rack (~> 2.2)
      rack-protection (= 2.1.0)
      tilt (~> 2.0)
    sinatra-activerecord (2.0.22)
      activerecord (>= 4.1)
      sinatra (>= 1.0)
    sinatra-contrib (2.1.0)
      multi_json
      mustermann (~> 1.0)
      rack-protection (= 2.1.0)
      sinatra (= 2.1.0)
      tilt (~> 2.0)
    temple (0.8.2)
    thread_safe (0.3.6)
    tilt (2.0.10)
    tzinfo (1.2.9)
      thread_safe (~> 0.1)

PLATFORMS
  ruby

DEPENDENCIES
  activerecord
  airbrake
  dotenv
  foreman
  haml
  newrelic_rpm (<= 6.15.0)
  pg
  puma
  sinatra
  sinatra-activerecord
  sinatra-contrib

RUBY VERSION
   ruby 2.4.10p364

BUNDLED WITH
   1.17.3
