GEM
  remote: https://rubygems.org/
  specs:
    activemodel (5.1.4)
      activesupport (= 5.1.4)
    activerecord (5.1.4)
      activemodel (= 5.1.4)
      activesupport (= 5.1.4)
      arel (~> 8.0)
    activesupport (5.1.4)
      concurrent-ruby (~> 1.0, >= 1.0.2)
      i18n (~> 0.7)
      minitest (~> 5.1)
      tzinfo (~> 1.1)
    airbrake (5.6.1)
      airbrake-ruby (~> 1.6)
    airbrake-ruby (1.6.0)
    arel (8.0.0)
    backports (3.10.0)
    concurrent-ruby (1.0.5)
    dotenv (2.2.1)
    foreman (0.84.0)
      thor (~> 0.19.1)
    haml (3.1.4)
    i18n (0.8.6)
    minitest (5.10.3)
    multi_json (1.12.2)
    newrelic_rpm (3.18.1.330)
    pg (1.2.2)
    puma (3.10.0)
    rack (1.5.2)
    rack-protection (1.5.1)
      rack
    rack-test (0.7.0)
      rack (>= 1.0, < 3)
    sinatra (1.4.4)
      rack (~> 1.4)
      rack-protection (~> 1.4)
      tilt (~> 1.3, >= 1.3.4)
    sinatra-activerecord (2.0.13)
      activerecord (>= 3.2)
      sinatra (>= 1.0)
    sinatra-contrib (1.4.7)
      backports (>= 2.0)
      multi_json
      rack-protection
      rack-test
      sinatra (~> 1.4.0)
      tilt (>= 1.3, < 3)
    thor (0.19.4)
    thread_safe (0.3.6)
    tilt (1.4.1)
    tzinfo (1.2.3)
      thread_safe (~> 0.1)

PLATFORMS
  ruby

DEPENDENCIES
  activerecord
  airbrake
  dotenv
  foreman
  haml
  newrelic_rpm (< 4.0)
  pg
  puma
  sinatra
  sinatra-activerecord
  sinatra-contrib

BUNDLED WITH
   1.15.4
